GEM
  remote: https://rubygems.org/
  specs:
    allure-rspec (0.5.0)
      rspec (~> 2.14.0)
    builder (3.2.3)
    childprocess (0.9.0)
      ffi (~> 1.0, >= 1.0.11)
    chunky_png (1.3.10)
    compass (1.0.3)
      chunky_png (~> 1.2)
      compass-core (~> 1.0.2)
      compass-import-once (~> 1.0.5)
      rb-fsevent (>= 0.9.3)
      rb-inotify (>= 0.9)
      sass (>= 3.3.13, < 3.5)
    compass-core (1.0.3)
      multi_json (~> 1.0)
      sass (>= 3.3.0, < 3.5)
    compass-import-once (1.0.5)
      sass (>= 3.2, < 3.5)
    debugger-linecache (1.2.0)
    diff-lcs (1.3)
    ffi (1.9.23)
    ffi (1.9.23-x64-mingw32)
    i18n (0.7.0)
    mini_portile2 (2.3.0)
    multi_json (1.13.1)
    nokogiri (1.8.2)
      mini_portile2 (~> 2.3.0)
    nokogiri (1.8.2-x64-mingw32)
      mini_portile2 (~> 2.3.0)
    power_assert (1.1.1)
    rb-fsevent (0.10.3)
    rb-inotify (0.9.10)
      ffi (>= 0.5.0, < 2)
    rspec (2.14.1)
      rspec-core (~> 2.14.0)
      rspec-expectations (~> 2.14.0)
      rspec-mocks (~> 2.14.0)
    rspec-core (2.14.8)
    rspec-expectations (2.14.5)
      diff-lcs (>= 1.1.3, < 2.0)
    rspec-mocks (2.14.6)
    rspec_junit_formatter (0.2.3)
      builder (< 4)
      rspec-core (>= 2, < 4, != 2.12.0)
    ruby-jquery (0.0.1)
    rubyzip (1.2.1)
    sass (3.4.25)
    selenium-webdriver (2.53.4)
      childprocess (~> 0.5)
      rubyzip (~> 1.0)
      websocket (~> 1.0)
    test-unit (3.0.9)
      power_assert
    websocket (1.2.5)

PLATFORMS
  ruby
  x64-mingw32

DEPENDENCIES
  allure-rspec (~> 0.5.0)
  compass (~> 1.0.3)
  debugger-linecache (~> 1.2.0)
  i18n (~> 0.7.0)
  nokogiri
  rspec (~> 2.14.1)
  rspec-expectations (~> 2.14.5)
  rspec_junit_formatter (~> 0.2.0)
  ruby-jquery (~> 0.0.1)
  selenium-webdriver (~> 2.53.0)
  test-unit (~> 3.0.9)

BUNDLED WITH
   1.16.1
