GEM
  remote: https://rubygems.org/
  specs:
    activesupport (4.2.10)
      i18n (~> 0.7)
      minitest (~> 5.1)
      thread_safe (~> 0.3, >= 0.3.4)
      tzinfo (~> 1.1)
    allure-rspec (0.5.0)
      rspec (~> 2.14.0)
    bson (4.3.0)
    bson_ext (1.5.1)
    builder (3.2.3)
    childprocess (0.9.0)
      ffi (~> 1.0, >= 1.0.11)
    chunky_png (1.3.10)
    ci_reporter (2.0.0)
      builder (>= 2.1.2)
    compass (1.0.3)
      chunky_png (~> 1.2)
      compass-core (~> 1.0.2)
      compass-import-once (~> 1.0.5)
      rb-fsevent (>= 0.9.3)
      rb-inotify (>= 0.9)
      sass (>= 3.3.13, < 3.5)
    compass-core (1.0.3)
      multi_json (~> 1.0)
      sass (>= 3.3.0, < 3.5)
    compass-import-once (1.0.5)
      sass (>= 3.2, < 3.5)
    data_magic (1.2)
      faker (>= 1.1.2)
      yml_reader (>= 0.6)
    debugger-linecache (1.2.0)
    diff-lcs (1.3)
    faker (1.8.7)
      i18n (>= 0.7)
    ffi (1.9.23)
    i18n (0.7.0)
    json (2.1.0)
    macaddr (1.7.1)
      systemu (~> 2.6.2)
    mimemagic (0.3.2)
    mini_portile2 (2.3.0)
    minitest (5.11.3)
    mongo (2.4.3)
      bson (>= 4.2.1, < 5.0.0)
    mongo-import (0.6.0)
      bson_ext
      mongo
    multi_json (1.13.1)
    net-http-persistent (2.9.4)
    nokogiri (1.8.2)
      mini_portile2 (~> 2.3.0)
    page-object (1.2.2)
      net-http-persistent (~> 2.9.4)
      page_navigation (>= 0.9)
      selenium-webdriver (>= 2.53.0)
      watir-webdriver (>= 0.6.11, < 0.9.9)
    page_navigation (0.10)
      data_magic (>= 0.22)
    power_assert (1.1.1)
    rb-fsevent (0.10.3)
    rb-inotify (0.9.10)
      ffi (>= 0.5.0, < 2)
    require_all (2.0.0)
    rspec (2.14.1)
      rspec-core (~> 2.14.0)
      rspec-expectations (~> 2.14.0)
      rspec-mocks (~> 2.14.0)
    rspec-core (2.14.8)
    rspec-expectations (2.14.5)
      diff-lcs (>= 1.1.3, < 2.0)
    rspec-mocks (2.14.6)
    rspec_junit_formatter (0.2.3)
      builder (< 4)
      rspec-core (>= 2, < 4, != 2.12.0)
    ruby-jquery (0.0.1)
    rubyzip (1.2.1)
    sass (3.4.25)
    selenium-webdriver (2.53.4)
      childprocess (~> 0.5)
      rubyzip (~> 1.0)
      websocket (~> 1.0)
    systemu (2.6.5)
    test-unit (3.0.9)
      power_assert
    thread_safe (0.3.6)
    tzinfo (1.2.5)
      thread_safe (~> 0.1)
    uuid (2.3.8)
      macaddr (~> 1.0)
    watir-webdriver (0.9.3)
      selenium-webdriver (>= 2.46.2)
    websocket (1.2.5)
    yml_reader (0.7)

PLATFORMS
  ruby

DEPENDENCIES
  activesupport (~> 4.2.0)
  allure-rspec (~> 0.5.0)
  bson (~> 4.3.0)
  bson_ext (~> 1.5.1)
  ci_reporter (~> 2.0.0)
  compass (~> 1.0.3)
  data_magic
  debugger-linecache (~> 1.2.0)
  i18n (~> 0.7.0)
  json
  mimemagic
  mongo (~> 2.4.1)
  mongo-import
  nokogiri
  page-object
  require_all
  rspec (~> 2.14.1)
  rspec-expectations (~> 2.14.5)
  rspec_junit_formatter (~> 0.2.0)
  ruby-jquery (~> 0.0.1)
  selenium-webdriver (~> 2.53.0)
  test-unit (~> 3.0.9)
  uuid

BUNDLED WITH
   1.16.1
